GEM
  remote: https://rubygems.org/
  specs:
    amq-protocol (2.2.0)
    bunny (2.7.1)
      amq-protocol (>= 2.2.0)
    coderay (1.1.2)
    json (2.1.0)
    method_source (0.9.0)
    pry (0.11.2)
      coderay (~> 1.1.0)
      method_source (~> 0.9.0)

PLATFORMS
  ruby

DEPENDENCIES
  bunny
  json
  pry

BUNDLED WITH
   1.15.4
